GIT
  remote: git@github.com:doublestranded/saxerator.git
  revision: 213939643fbd77c8f3f6619f9b916bc92de8aca7
  specs:
    saxerator (0.9.8)

PATH
  remote: .
  specs:
    sax2pats (0.1.0)

GEM
  remote: https://rubygems.org/
  specs:
    diff-lcs (1.3)
    ox (2.9.4)
    rake (10.5.0)
    rspec (3.8.0)
      rspec-core (~> 3.8.0)
      rspec-expectations (~> 3.8.0)
      rspec-mocks (~> 3.8.0)
    rspec-core (3.8.0)
      rspec-support (~> 3.8.0)
    rspec-expectations (3.8.1)
      diff-lcs (>= 1.2.0, < 2.0)
      rspec-support (~> 3.8.0)
    rspec-mocks (3.8.0)
      diff-lcs (>= 1.2.0, < 2.0)
      rspec-support (~> 3.8.0)
    rspec-support (3.8.0)
    rspec_junit_formatter (0.4.1)
      rspec-core (>= 2, < 4, != 2.12.0)

PLATFORMS
  ruby

DEPENDENCIES
  bundler (~> 1.14)
  ox
  rake (~> 10.0)
  rspec (~> 3.0)
  rspec_junit_formatter
  sax2pats!
  saxerator!

BUNDLED WITH
   1.17.3
