GIT
  remote: git@github.com:doublestranded/saxerator.git
  revision: 7304d8f23b9c7b1c5f2f97deb74c85d6cb7f44e0
  specs:
    saxerator (0.9.8)

PATH
  remote: .
  specs:
    sax2pats (0.1.0)
      saxerator

GEM
  remote: https://rubygems.org/
  specs:
    coderay (1.1.2)
    diff-lcs (1.3)
    method_source (0.9.0)
    ox (2.9.4)
    pry (0.11.3)
      coderay (~> 1.1.0)
      method_source (~> 0.9.0)
    rake (10.5.0)
    rspec (3.7.0)
      rspec-core (~> 3.7.0)
      rspec-expectations (~> 3.7.0)
      rspec-mocks (~> 3.7.0)
    rspec-core (3.7.1)
      rspec-support (~> 3.7.0)
    rspec-expectations (3.7.0)
      diff-lcs (>= 1.2.0, < 2.0)
      rspec-support (~> 3.7.0)
    rspec-mocks (3.7.0)
      diff-lcs (>= 1.2.0, < 2.0)
      rspec-support (~> 3.7.0)
    rspec-support (3.7.1)

PLATFORMS
  ruby

DEPENDENCIES
  bundler (~> 1.14)
  ox
  pry
  rake (~> 10.0)
  rspec
  sax2pats!
  saxerator!

BUNDLED WITH
   1.15.4
