GIT
  remote: git@github.com:soulcutter/saxerator.git
  revision: 215942a57fc27eb9d17d701aaa4a06ad991365ff
  specs:
    saxerator (0.9.9)

PATH
  remote: .
  specs:
    sax2pats (0.1.1)
      ox
      rubyzip
      saxerator

GEM
  remote: https://rubygems.org/
  specs:
    coderay (1.1.2)
    diff-lcs (1.3)
    method_source (1.0.0)
    ox (2.13.2)
    pry (0.13.1)
      coderay (~> 1.1)
      method_source (~> 1.0)
    rake (10.5.0)
    rspec (3.9.0)
      rspec-core (~> 3.9.0)
      rspec-expectations (~> 3.9.0)
      rspec-mocks (~> 3.9.0)
    rspec-core (3.9.2)
      rspec-support (~> 3.9.3)
    rspec-expectations (3.9.2)
      diff-lcs (>= 1.2.0, < 2.0)
      rspec-support (~> 3.9.0)
    rspec-mocks (3.9.1)
      diff-lcs (>= 1.2.0, < 2.0)
      rspec-support (~> 3.9.0)
    rspec-support (3.9.3)
    rspec_junit_formatter (0.4.1)
      rspec-core (>= 2, < 4, != 2.12.0)
    rubyzip (2.3.0)

PLATFORMS
  ruby

DEPENDENCIES
  ox
  pry
  rake (~> 10.0)
  rspec (~> 3.0)
  rspec_junit_formatter
  sax2pats!
  saxerator!

BUNDLED WITH
   2.1.4
